GEM
  remote: https://rubygems.org/
  specs:
    amq-protocol (1.9.2)
    bunny (1.1.9)
      amq-protocol (>= 1.9.2)
    rugged (0.21.2)
    serverengine (1.5.10)
      sigdump (~> 0.2.2)
    sigdump (0.2.2)
    sneakers (0.1.1.pre)
      bunny (~> 1.1.3)
      serverengine
      thor
      thread
    thor (0.19.1)
    thread (0.1.4)

PLATFORMS
  ruby

DEPENDENCIES
  rugged
  sneakers (~> 0.1.1.pre)
